GEM
  remote: https://rubygems.org/
  specs:
    i18n (0.6.0)
    multi_json (1.3.6)
    redis (3.0.1)
    webmachine (1.0.0)
      i18n (>= 0.4.0)
      multi_json

PLATFORMS
  ruby

DEPENDENCIES
  redis (= 3.0.1)
  webmachine (= 1.0.0)
